{
    "Modality": "MR",
    "MagneticFieldStrength": 3,
    "ImagingFrequency": 123.258,
    "Manufacturer": "Siemens",
    "ManufacturersModelName": "Biograph_mMR",
    "InstitutionName": "CT SCANNER SUR",
    "InstitutionalDepartmentName": "Department",
    "InstitutionAddress": "Rafael Checa 3,CDMX,District,MX,01000",
    "DeviceSerialNumber": "151038",
    "StationName": "AWP151038",
    "BodyPartExamined": "HEAD",
    "PatientPosition": "HFS",
    "ProcedureStepDescription": "P S RM CRANEO 3TL PROTOCOLO GERIATRIA",
    "SoftwareVersions": "syngo MR E11",
    "MRAcquisitionType": "3D",
    "SeriesDescription": "t2_space_dark-fluid_sag_c4_iso",
    "ProtocolName": "t2_space_dark-fluid_sag_c4_iso",
    "ScanningSequence": "SE\\IR",
    "SequenceVariant": "SK\\SP\\MP\\OSP",
    "ScanOptions": "IR\\PFP\\FS",
    "SequenceName": "*spcir_192ns",
    "ImageType": [
        "ORIGINAL",
        "PRIMARY",
        "M",
        "NORM",
        "DIS2D"
    ],
    "SeriesNumber": 6,
    "AcquisitionTime": "19:25:59.157500",
    "AcquisitionNumber": 1,
    "SliceThickness": 1,
    "SAR": 0.152341,
    "EchoTime": 0.397,
    "RepetitionTime": 5,
    "SpoilingState": true,
    "InversionTime": 1.8,
    "FlipAngle": 120,
    "PartialFourier": 1,
    "BaseResolution": 256,
    "ShimSetting": [
        8966,
        1223,
        -7777,
        39,
        -382,
        -122,
        373,
        -14
    ],
    "TxRefAmp": 342.172,
    "PhaseResolution": 0.8,
    "PhaseOversampling": 0.1,
    "ReceiveCoilName": "HeadNeck_MRPET",
    "ReceiveCoilActiveElements": "HEA;HEP",
    "PulseSequenceDetails": "%SiemensSeq%\\tse_vfl",
    "RefLinesPE": 36,
    "CoilCombinationMethod": "Adaptive Combine",
    "ConsistencyInfo": "N4_VE11P_LATEST_20161021",
    "MatrixCoilMode": "GRAPPA",
    "PercentPhaseFOV": 100,
    "PercentSampling": 80,
    "EchoTrainLength": 192,
    "PhaseEncodingSteps": 198,
    "AcquisitionMatrixPE": 205,
    "ReconMatrixPE": 256,
    "ParallelReductionFactorInPlane": 2,
    "PixelBandwidth": 560,
    "DwellTime": 3.5e-06,
    "PhaseEncodingDirection": "i",
    "ImageOrientationPatientDICOM": [
        0.0391875,
        0.999016,
        0.0207476,
        0.0449665,
        0.0189795,
        -0.998808
    ],
    "ImageOrientationText": "Sag>Tra(-2.5)>Cor(2.3)",
    "InPlanePhaseEncodingDirectionDICOM": "ROW",
    "ConversionSoftware": "dcm2niix",
    "ConversionSoftwareVersion": "v1.0.20220505"
}